GEM
  remote: http://rubygems.org/
  specs:
    haml (3.0.25)
    imagesize (0.1.1)
    json (1.5.1)
    multi_json (0.0.5)
    rack (1.2.1)
    shotgun (0.8)
      rack (>= 1.0)
    sinatra (1.0)
      rack (>= 1.0)

PLATFORMS
  ruby

DEPENDENCIES
  haml
  imagesize
  json
  multi_json
  shotgun
  sinatra (= 1.0)
